GEM
  remote: https://rubygems.org/
  specs:
    activesupport (6.1.3.2)
      concurrent-ruby (~> 1.0, >= 1.0.2)
      i18n (>= 1.6, < 2)
      minitest (>= 5.1)
      tzinfo (~> 2.0)
      zeitwerk (~> 2.3)
    claide (1.0.0)
    clamp (0.6.5)
    colored (1.2)
    colorize (0.8.1)
    concurrent-ruby (1.1.9)
    i18n (1.8.10)
      concurrent-ruby (~> 1.0)
    minitest (5.14.4)
    synx (0.2.1)
      clamp (~> 0.6)
      colorize (~> 0.7)
      xcodeproj (~> 1.0)
    tzinfo (2.0.4)
      concurrent-ruby (~> 1.0)
    xcodeproj (1.3.1)
      activesupport (>= 3)
      claide (>= 1.0.0, < 2.0)
      colored (~> 1.2)
    zeitwerk (2.4.2)

PLATFORMS
  ruby

DEPENDENCIES
  synx

BUNDLED WITH
   1.13.1
